GEM
  remote: http://rubygems.org/
  specs:
    activemodel (3.0.9)
      activesupport (= 3.0.9)
      builder (~> 2.1.2)
      i18n (~> 0.5.0)
    activerecord (3.0.9)
      activemodel (= 3.0.9)
      activesupport (= 3.0.9)
      arel (~> 2.0.10)
      tzinfo (~> 0.3.23)
    activesupport (3.0.9)
    arel (2.0.10)
    builder (2.1.2)
    i18n (0.5.0)
    ruby-ole (1.2.11.1)
    simple-rss (1.2.3)
    spreadsheet (0.6.5.7)
      ruby-ole (>= 1.0)
    tzinfo (0.3.29)

PLATFORMS
  ruby

DEPENDENCIES
  activerecord (~> 3.0.7)
  activesupport (~> 3.0.7)
  simple-rss (~> 1.2.3)
  spreadsheet (~> 0.6.5.7)
