GIT
  remote: git://github.com/tritonrc/jira4r.git
  revision: af05e9d67038622377b56a5fbbd205bd1b38b36e
  specs:
    jira4r (0.5.0)
      rubyjedi-soap4r

GEM
  remote: http://rubygems.org/
  specs:
    activemodel (3.0.9)
      activesupport (= 3.0.9)
      builder (~> 2.1.2)
      i18n (~> 0.5.0)
    activerecord (3.0.9)
      activemodel (= 3.0.9)
      activesupport (= 3.0.9)
      arel (~> 2.0.10)
      tzinfo (~> 0.3.23)
    activesupport (3.0.9)
    arel (2.0.10)
    builder (2.1.2)
    google-spreadsheet-ruby (0.1.5)
      nokogiri (>= 1.4.3.1)
      oauth (>= 0.3.6)
    httpclient (2.1.5.2)
    i18n (0.5.0)
    nokogiri (1.4.4)
    oauth (0.4.5)
    rubyjedi-soap4r (1.5.8.20100619003610)
      httpclient (~> 2.1.5.2)
    tzinfo (0.3.29)

PLATFORMS
  ruby

DEPENDENCIES
  activerecord (>= 3.0.7)
  google-spreadsheet-ruby
  jira4r!
