GIT
  remote: git://github.com/pr1mal/rubiod
  revision: 61c98887d96a941f19168a8e016f95a961806283
  specs:
    rubiod (0.1.0)
      libxml-ruby (~> 2.0)
      rubyzip (~> 0.9.4)

GEM
  remote: http://rubygems.org/
  specs:
    activemodel (3.0.20)
      activesupport (= 3.0.20)
      builder (~> 2.1.2)
      i18n (~> 0.5.0)
    activerecord (3.0.20)
      activemodel (= 3.0.20)
      activesupport (= 3.0.20)
      arel (~> 2.0.10)
      tzinfo (~> 0.3.23)
    activesupport (3.0.20)
    arel (2.0.10)
    axlsx (1.3.5)
      htmlentities (~> 4.3.1)
      nokogiri (>= 1.4.1)
      rubyzip (>= 0.9.5)
    builder (2.1.2)
    htmlentities (4.3.1)
    i18n (0.5.0)
    libxml-ruby (2.6.0)
    nokogiri (1.5.6)
    rubyzip (0.9.9)
    simple-rss (1.2.3)
    sqlite3 (1.3.7)
    tzinfo (0.3.36)

PLATFORMS
  ruby

DEPENDENCIES
  activerecord (~> 3.0.7)
  activesupport (~> 3.0.7)
  axlsx (~> 1.3.5)
  rubiod!
  simple-rss (~> 1.2.3)
  sqlite3
